GEM
  remote: https://rubygems.org/
  specs:
    activesupport (5.2.0)
      concurrent-ruby (~> 1.0, >= 1.0.2)
      i18n (>= 0.7, < 2)
      minitest (~> 5.1)
      tzinfo (~> 1.1)
    aes_key_wrap (1.0.1)
    bindata (2.4.3)
    concurrent-ruby (1.0.5)
    dotenv (2.5.0)
    i18n (1.0.1)
      concurrent-ruby (~> 1.0)
    json-jwt (1.9.4)
      activesupport
      aes_key_wrap
      bindata
    keratin-authn (1.0.1)
      json-jwt (!= 1.8.0)
      lru_redux
    lru_redux (1.1.0)
    mailgun (0.11)
    minitest (5.11.3)
    mustermann (1.0.2)
    puma (3.12.0)
    rack (2.0.5)
    rack-protection (2.0.3)
      rack
    sequel (5.10.0)
    sinatra (2.0.3)
      mustermann (~> 1.0)
      rack (~> 2.0)
      rack-protection (= 2.0.3)
      tilt (~> 2.0)
    sinatra-sequel (0.9.0)
      sequel (>= 3.2.0)
      sinatra (>= 0.9.4)
    sqlite3 (1.3.13)
    thread_safe (0.3.6)
    tilt (2.0.8)
    tzinfo (1.2.5)
      thread_safe (~> 0.1)

PLATFORMS
  ruby

DEPENDENCIES
  dotenv
  keratin-authn
  mailgun
  puma
  sinatra
  sinatra-sequel
  sqlite3

BUNDLED WITH
   1.16.2
